GEM
  remote: https://rubygems.org/
  specs:
    cpf_utils (1.3.1)
    lerolero_generator (1.0.1)
    nokogiri (1.13.8-x64-mingw-ucrt)
      racc (~> 1.4)
    racc (1.6.0)

PLATFORMS
  x64-mingw-ucrt

DEPENDENCIES
  cpf_utils
  lerolero_generator
  nokogiri

BUNDLED WITH
   2.3.22
